GEM
  remote: http://rubygems.org/
  specs:
    rack (1.2.1)
    rack-flash (0.1.1)
      rack
    sinatra (1.1.2)
      rack (~> 1.1)
      tilt (~> 1.2)
    tilt (1.2.2)

PLATFORMS
  x86-mingw32

DEPENDENCIES
  rack-flash
  sinatra
